GIT
  remote: git://github.com/rightscale/right_agent.git
  revision: b8ae7780c3ca122e35dfe9ae934c13b1d32518fd
  branch: master
  specs:
    right_agent (0.11.0)
      eventmachine (~> 0.12.10)
      json (~> 1.4)
      msgpack (= 0.4.4)
      net-ssh (~> 2.0)
      right_amqp (~> 0.3)
      right_popen (~> 1.0.11)
      right_support (>= 1.3, < 3.0)

GIT
  remote: git://github.com/rightscale/right_amqp.git
  revision: 8c31867b40a53ed4b4391244162479b6ec4160a3
  branch: master
  specs:
    right_amqp (0.3.1)
      eventmachine (~> 0.12.10)
      right_support (>= 1.2, < 3.0)

GIT
  remote: git://github.com/rightscale/right_support.git
  revision: ad515c1b253cb6722b215b88b0590cc95845088c
  branch: azure_12_8_add_hash_tools
  specs:
    right_support (2.3.0)

GEM
  remote: http://s3.amazonaws.com/rightscale_rightlink_gems_dev/
  remote: http://rubygems.org/
  specs:
    abstract (1.0.0)
    bunny (0.6.0)
    chef (0.10.10.2)
      bunny (>= 0.6.0)
      erubis
      erubis
      highline
      highline (>= 1.6.9)
      json (>= 1.4.4, <= 1.6.1)
      mixlib-authentication (>= 1.1.0)
      mixlib-cli (>= 1.1.0)
      mixlib-config (>= 1.1.2)
      mixlib-log (>= 1.3.0)
      mixlib-shellout (~> 1.0.0.rc)
      moneta
      moneta
      net-ssh (~> 2.2.2)
      net-ssh-multi (~> 1.1.0)
      ohai (>= 0.6.0)
      rest-client (>= 1.0.4, < 1.7.0)
      right_popen (~> 1.0, >= 1.0.21)
      treetop (~> 1.4.9)
      uuidtools
      uuidtools
      yajl-ruby (>= 1.1.0)
    columnize (0.3.6)
    encryptor (1.1.3)
    erubis (2.6.5)
      abstract (>= 1.0.0)
    eventmachine (0.12.11.6)
    eventmachine (0.12.11.6-x86-mswin32)
    extlib (0.9.14)
    flexmock (0.9.0)
    git (1.2.5)
    highline (1.6.9)
    hoe (2.3.3)
      rake (>= 0.8.7)
      rubyforge (>= 1.0.4)
    ipaddress (0.8.0)
    json (1.4.6)
    json (1.4.6-x86-mswin32)
    libarchive (0.1.2)
    libarchive (0.1.2-x86-mswin32)
    linecache (0.46)
      rbx-require-relative (> 0.0.4)
    linecache (0.46-x86-mswin32)
      rbx-require-relative (> 0.0.4)
      rbx-require-relative (> 0.0.4)
    mime-types (1.16)
    mixlib-authentication (1.1.2)
      mixlib-log
    mixlib-cli (1.2.0)
    mixlib-config (1.1.2)
    mixlib-log (1.3.0)
    mixlib-shellout (1.0.0.1)
      right_popen (~> 1.0, >= 1.0.21)
    moneta (0.6.0)
    msgpack (0.4.4)
    msgpack (0.4.4-x86-mswin32)
    net-ssh (2.2.2)
    net-ssh-gateway (1.1.0)
      net-ssh (>= 1.99.1)
    net-ssh-multi (1.1)
      net-ssh (>= 2.1.4)
      net-ssh-gateway (>= 0.99.0)
    ohai (0.6.12.1)
      ipaddress
      mixlib-cli
      mixlib-config
      mixlib-log
      right_popen (~> 1.0, >= 1.0.21)
      systemu
      yajl-ruby
    polyglot (0.3.3)
    process_watcher (0.4)
    rake (0.8.7)
    rbx-require-relative (0.0.9)
    rest-client (1.6.7)
      mime-types (>= 1.16)
    right_aws (3.0.4)
      right_http_connection (>= 1.2.5)
    right_http_connection (1.3.0)
    right_popen (1.0.21)
      eventmachine (>= 0.12.11)
    right_popen (1.0.21-x86-mswin32)
      eventmachine (>= 0.12.11)
      win32-process (>= 0.6.1)
    right_scraper (3.0.1)
      git (>= 1.2.5)
      json (>= 1.4.5)
      libarchive (>= 0.1.1)
      process_watcher (~> 0.3)
      right_aws (>= 2.0)
    rspec (1.3.2)
    ruby-debug (0.10.4)
      columnize (>= 0.1)
      ruby-debug-base (~> 0.10.4.0)
    ruby-debug-base (0.10.4)
      linecache (>= 0.3)
    ruby-debug-base (0.10.4-x86-mswin32)
      linecache (>= 0.3)
    ruby-openid (2.1.8)
    ruby-wmi (0.2.2)
      hoe (>= 1.4.0)
    rubyforge (1.0.4)
    stomp (1.1)
    systemu (2.5.1)
    treetop (1.4.10)
      polyglot
      polyglot (>= 0.3.1)
    uuidtools (2.1.2)
    win32-api (1.4.5-x86-mswin32)
    win32-dir (0.3.5)
      windows-pr (>= 0.9.3)
    win32-eventlog (0.5.2)
      windows-pr (>= 0.9.3)
    win32-open3 (0.3.2-x86-mswin32)
    win32-pipe (0.2.1)
      windows-pr (>= 1.0.6)
    win32-process (0.6.1)
      windows-pr (>= 1.0.5)
    win32-service (0.7.2-x86-mswin32)
      windows-pr (>= 1.0.8)
    win32console (1.3.2-x86-mswin32)
    windows-api (0.4.0)
      win32-api (>= 1.4.5)
    windows-pr (1.0.8)
      win32-api (>= 1.4.5)
      windows-api (>= 0.3.0)
    yajl-ruby (1.1.0)
    yajl-ruby (1.1.0-x86-mswin32)

PLATFORMS
  ruby
  x86-mswin32

DEPENDENCIES
  abstract (= 1.0.0)
  bunny (= 0.6.0)
  chef (= 0.10.10.2)
  encryptor (= 1.1.3)
  erubis (= 2.6.5)
  eventmachine (= 0.12.11.6)
  extlib (= 0.9.14)
  flexmock (~> 0.8)
  highline (= 1.6.9)
  hoe (= 2.3.3)
  json (= 1.4.6)
  mime-types (= 1.16)
  mixlib-authentication (= 1.1.2)
  mixlib-cli (= 1.2.0)
  mixlib-config (= 1.1.2)
  mixlib-log (= 1.3.0)
  mixlib-shellout (= 1.0.0.1)
  moneta (= 0.6.0)
  ohai (= 0.6.12.1)
  process_watcher (= 0.4)
  rake (= 0.8.7)
  rest-client (= 1.6.7)
  right_agent!
  right_amqp!
  right_http_connection (~> 1.3)
  right_popen (~> 1.0)
  right_scraper (= 3.0.1)
  right_support!
  rspec (~> 1.3)
  ruby-debug
  ruby-openid (= 2.1.8)
  ruby-wmi (= 0.2.2)
  rubyforge (= 1.0.4)
  stomp (= 1.1)
  uuidtools (= 2.1.2)
  win32-api (= 1.4.5)
  win32-dir (= 0.3.5)
  win32-eventlog (= 0.5.2)
  win32-open3 (= 0.3.2)
  win32-pipe (= 0.2.1)
  win32-process (= 0.6.1)
  win32-service (= 0.7.2)
  win32console (~> 1.3.0)
  windows-api (= 0.4.0)
  windows-pr (= 1.0.8)
