PATH
  remote: .
  specs:
    right_link (6.3.7)
      chef (>= 0.10.10)
      encryptor (~> 1.1)
      extlib (~> 0.9.15)
      net-dhcp (~> 1.3)
      right_agent (~> 2.0)
      right_git
      right_http_connection (~> 1.3)
      right_popen (~> 2.0)
      right_scraper (~> 4.0)
      right_support (~> 2.0)
      trollop

GEM
  remote: http://gems.test.rightscale.com/
  remote: https://rubygems.org/
  specs:
    addressable (2.3.7)
    builder (3.2.2)
    chef (11.6.0.5)
      erubis
      highline
      highline (>= 1.6.9)
      json (>= 1.4.4, <= 1.7.7)
      mixlib-authentication (>= 1.3.0)
      mixlib-cli (~> 1.3.0)
      mixlib-config (>= 1.1.2)
      mixlib-log (>= 1.3.0)
      mixlib-shellout
      moneta
      net-ssh (~> 2.6)
      net-ssh-multi (~> 1.1.0)
      ohai (>= 0.6.0)
      rest-client (>= 1.0.4, < 2.0.0)
      right_popen (~> 2.0)
      uuidtools
      yajl-ruby (~> 1.1)
    chef (11.6.0.5-x86-mingw32)
      erubis
      ffi (= 1.1.0)
      highline
      highline (>= 1.6.9)
      json (>= 1.4.4, <= 1.7.7)
      mixlib-authentication (>= 1.3.0)
      mixlib-cli (~> 1.3.0)
      mixlib-config (>= 1.1.2)
      mixlib-log (>= 1.3.0)
      mixlib-shellout
      moneta
      net-ssh (~> 2.6)
      net-ssh-multi (~> 1.1.0)
      ohai (>= 0.6.0)
      rdp-ruby-wmi (= 0.3.1)
      rest-client (>= 1.0.4, < 2.0.0)
      right_popen (~> 2.0)
      systemu (= 2.2.0)
      uuidtools
      win32-api (= 1.4.8)
      win32-dir (= 0.3.7)
      win32-event (= 0.5.2)
      win32-mutex (= 0.3.1)
      win32-process (= 0.6.5)
      win32-service (= 0.7.2)
      windows-api (= 0.4.2)
      windows-pr (= 1.2.1)
      yajl-ruby (~> 1.1)
    columnize (0.9.0)
    cookiejar (0.3.2)
    debugger (1.6.8)
      columnize (>= 0.3.1)
      debugger-linecache (~> 1.2.0)
      debugger-ruby_core_source (~> 1.3.5)
    debugger-linecache (1.2.0)
    debugger-ruby_core_source (1.3.8)
    em-http-request (1.0.3.1)
      addressable (>= 2.3.4)
      cookiejar
      em-socksify (>= 0.3)
      eventmachine (>= 1.0.0.beta.4)
      http_parser.rb (>= 0.6.0)
    em-socksify (0.3.0)
      eventmachine (>= 1.0.0.beta.4)
    encryptor (1.3.0)
    erubis (2.7.0)
    eventmachine (1.0.0.10)
    eventmachine (1.0.0.10-x86-mingw32)
    extlib (0.9.16)
    faye-websocket (0.8.0)
      eventmachine (>= 0.12.0)
      websocket-driver (>= 0.4.0)
    ffi (1.1.0)
    ffi (1.1.0-x86-mingw32)
    fiber_pool (1.0.0)
    flexmock (0.9.0)
    highline (1.6.21)
    http_parser.rb (0.6.0)
    ip (0.3.1)
    ipaddress (0.8.0)
    json (1.7.7)
    linecache (0.46)
      rbx-require-relative (> 0.0.4)
    mime-types (1.25.1)
    mixlib-authentication (1.3.0)
      mixlib-log
    mixlib-cli (1.3.0)
    mixlib-config (2.1.0)
    mixlib-log (1.6.0)
    mixlib-shellout (1.2.0.2)
      right_popen (~> 2.0)
    moneta (0.8.0)
    msgpack (0.5.11)
    msgpack (0.5.11-x86-mingw32)
    net-dhcp (1.3.2)
    net-http-persistent (2.9.4)
    net-ssh (2.9.2)
    net-ssh-gateway (1.2.0)
      net-ssh (>= 2.6.5)
    net-ssh-multi (1.1)
      net-ssh (>= 2.1.4)
      net-ssh-gateway (>= 0.99.0)
    netrc (0.7.9)
    ohai (6.18.0.2)
      eventmachine (>= 1.0.0)
      ipaddress
      mixlib-cli
      mixlib-config
      mixlib-log
      right_popen (~> 2.0)
      systemu
      yajl-ruby
    power_assert (0.2.2)
    rack (1.6.0)
    rake (12.3.3)
    rb-readline (0.5.2)
    rbx-require-relative (0.0.9)
    rdp-ruby-wmi (0.3.1)
    rest-client (1.7.0.4)
      mime-types (>= 1.16)
      net-http-persistent
      netrc (~> 0.7.7)
    right_agent (2.6.2)
      eventmachine (>= 0.12.10, < 2.0)
      faye-websocket (~> 0.8.0)
      ffi
      json (~> 1.4)
      msgpack (>= 0.4.4, < 0.6)
      net-ssh (~> 2.0)
      rest-client (~> 1.7.0.3)
      right_amqp (~> 0.8)
      right_support (>= 2.4.1, < 3.0)
    right_agent (2.6.2-x86-mingw32)
      eventmachine (>= 0.12.10, < 2.0)
      faye-websocket (~> 0.8.0)
      ffi
      json (~> 1.4)
      msgpack (>= 0.4.4, < 0.6)
      net-ssh (~> 2.0)
      rest-client (~> 1.7.0.3)
      right_amqp (~> 0.8)
      right_support (>= 2.4.1, < 3.0)
      win32-dir (>= 0.3.5)
      win32-process (>= 0.6.1)
    right_amqp (0.8.7)
      eventmachine (>= 0.12.10, < 2.0)
      right_support (>= 1.2, < 3.0)
    right_aws (3.1.0)
      right_http_connection (>= 1.2.5)
    right_develop (3.1.11)
      builder (~> 3.0)
      rack
      right_aws (>= 2.1.0)
      right_git (>= 1.0)
      right_support (>= 2.8.31, < 3.0.0)
      trollop (>= 1.0, < 3.0)
    right_git (1.0.2)
      right_support (>= 2.8.10)
    right_http_connection (1.5.0)
    right_popen (2.0.2)
    right_popen (2.0.2-x86-mingw32)
    right_scraper (4.0.0)
      json (~> 1.4)
      right_aws (>= 2.0)
      right_git
      right_popen (~> 2.0)
      right_support (~> 2.6)
    right_support (2.8.40)
    rspec (1.3.2)
    ruby-debug (0.10.4)
      columnize (>= 0.1)
      ruby-debug-base (~> 0.10.4.0)
    ruby-debug-base (0.10.4)
      linecache (>= 0.3)
    rubyforge (1.0.4)
    systemu (2.2.0)
    test-unit (3.0.9)
      power_assert
    trollop (2.1.1)
    uuidtools (2.1.5)
    websocket-driver (0.4.0)
    win32-api (1.4.8-x86-mingw32)
    win32-dir (0.3.7)
      windows-pr (>= 1.0.9)
    win32-event (0.5.2)
      win32-ipc (>= 0.5.0)
    win32-ipc (0.6.3)
      ffi
    win32-mmap (0.4.1)
      ffi
    win32-mutex (0.3.1)
      test-unit (>= 2.0.3)
      win32-ipc (>= 0.5.0)
      win32-mmap (>= 0.2.2)
      win32-process (>= 0.6.1)
    win32-pipe (0.3.3)
      ffi
    win32-process (0.6.5)
      windows-pr (>= 1.1.2)
    win32-service (0.7.2-x86-mingw32)
      windows-pr (>= 1.0.8)
    windows-api (0.4.2)
      win32-api (>= 1.4.5)
    windows-pr (1.2.1)
      win32-api (>= 1.4.5)
      windows-api (>= 0.3.0)
    yajl-ruby (1.2.1)

PLATFORMS
  ruby
  x86-mingw32

DEPENDENCIES
  chef (= 11.6.0.5)
  debugger (~> 1.6.1)
  em-http-request (= 1.0.3.1)
  eventmachine (= 1.0.0.10)
  fiber_pool (= 1.0.0)
  flexmock (~> 0.9)
  ip
  mime-types (< 2.0)
  mixlib-authentication (>= 1.3.0)
  mixlib-shellout (= 1.2.0.2)
  net-dhcp (~> 1.3)
  ohai (= 6.18.0.2)
  rake (~> 12.3)
  rb-readline (~> 0.5.0)
  rest-client (= 1.7.0.4)
  right_agent (~> 2.6.0)
  right_amqp (~> 0.7)
  right_develop (~> 3.1)
  right_git
  right_link!
  right_popen (~> 2.0)
  right_scraper (~> 4.0)
  right_support (~> 2.8)
  rspec (~> 1.3)
  ruby-debug
  rubyforge (= 1.0.4)
  websocket-driver (~> 0.4.0)
  win32-dir
  win32-pipe (= 0.3.3)
  win32-process

BUNDLED WITH
   1.11.2
