PATH
  remote: .
  specs:
    right_link (6.0.0)
      chef (>= 0.10.10)
      encryptor (~> 1.1)
      extlib (~> 0.9.15)
      right_agent (~> 0.10)
      right_git
      right_http_connection (~> 1.3)
      right_popen (~> 2.0)
      right_scraper (~> 4.0)
      right_support (~> 2.0)
      trollop

GEM
  remote: http://s3.amazonaws.com/rightscale_rightlink_gems_dev/
  remote: https://rubygems.org/
  specs:
    chef (11.6.0.2)
      erubis
      highline
      highline (>= 1.6.9)
      json (>= 1.4.4, <= 1.7.7)
      mixlib-authentication (>= 1.3.0)
      mixlib-cli (~> 1.3.0)
      mixlib-config (>= 1.1.2)
      mixlib-log (>= 1.3.0)
      mixlib-shellout
      moneta
      net-ssh (~> 2.6)
      net-ssh-multi (~> 1.1.0)
      ohai (>= 0.6.0)
      rest-client (>= 1.0.4, < 1.7.0)
      right_popen (~> 2.0)
      uuidtools
      yajl-ruby (~> 1.1)
    columnize (0.3.6)
    debugger (1.6.2)
      columnize (>= 0.3.1)
      debugger-linecache (~> 1.2.0)
      debugger-ruby_core_source (~> 1.2.3)
    debugger-linecache (1.2.0)
    debugger-ruby_core_source (1.2.3)
    encryptor (1.1.3)
    erubis (2.7.0)
    eventmachine (1.0.0.3)
    extlib (0.9.15)
    flexmock (0.9.0)
    highline (1.6.19)
    ipaddress (0.8.0)
    json (1.4.6)
    linecache (0.46)
      rbx-require-relative (> 0.0.4)
    mime-types (1.25)
    mixlib-authentication (1.3.0)
      mixlib-log
    mixlib-cli (1.3.0)
    mixlib-config (2.0.0)
    mixlib-log (1.6.0)
    mixlib-shellout (1.2.0.2)
      right_popen (~> 2.0)
    moneta (0.7.20)
    msgpack (0.4.4)
    net-ssh (2.7.0)
    net-ssh-gateway (1.2.0)
      net-ssh (>= 2.6.5)
    net-ssh-multi (1.1)
      net-ssh (>= 2.1.4)
      net-ssh-gateway (>= 0.99.0)
    ohai (6.18.0.2)
      eventmachine (>= 1.0.0)
      ipaddress
      mixlib-cli
      mixlib-config
      mixlib-log
      right_popen (~> 2.0)
      systemu
      yajl-ruby
    rake (0.8.7)
    rb-readline (0.5.0)
    rbx-require-relative (0.0.9)
    rcov (0.8.1.2.0)
    rest-client (1.6.7)
      mime-types (>= 1.16)
    right_agent (0.17.0)
      eventmachine (>= 0.12.10, < 2.0)
      json (>= 1.4, <= 1.7.6)
      msgpack (>= 0.4.4, < 0.6)
      net-ssh (~> 2.0)
      right_amqp (~> 0.7)
      right_support (>= 2.4.1, < 3.0)
    right_amqp (0.7.0)
      eventmachine (>= 0.12.10, < 2.0)
      right_support (>= 1.2, < 3.0)
    right_aws (3.1.0)
      right_http_connection (>= 1.2.5)
    right_git (0.0.1)
    right_http_connection (1.4.0)
    right_popen (2.0.1)
    right_scraper (4.0.0)
      json (~> 1.4)
      right_aws (>= 2.0)
      right_git
      right_popen (~> 2.0)
      right_support (~> 2.6)
    right_support (2.8.2)
    rspec (1.3.2)
    ruby-debug (0.10.4)
      columnize (>= 0.1)
      ruby-debug-base (~> 0.10.4.0)
    ruby-debug-base (0.10.4)
      linecache (>= 0.3)
    rubyforge (1.0.4)
    systemu (2.5.2)
    trollop (2.0)
    uuidtools (2.1.4)
    yajl-ruby (1.1.0)

PLATFORMS
  ruby

DEPENDENCIES
  chef (= 11.6.0.2)
  debugger (~> 1.6.1)
  eventmachine (= 1.0.0.3)
  flexmock (~> 0.8)
  json (= 1.4.6)
  mixlib-authentication (>= 1.3.0)
  mixlib-shellout (= 1.2.0.2)
  ohai (= 6.18.0.2)
  rake (= 0.8.7)
  rb-readline (~> 0.5.0)
  rcov (~> 0.8.1)
  right_agent (~> 0.17)
  right_amqp (~> 0.7)
  right_git
  right_link!
  right_popen (~> 2.0)
  right_scraper (~> 4.0)
  right_support (~> 2.7)
  rspec (~> 1.3)
  ruby-debug
  ruby-wmi
  rubyforge (= 1.0.4)
  win32-api
  win32-dir
  win32-eventlog
  win32-open3
  win32-pipe
  win32-process
  win32-service
  windows-api
  windows-pr
