GIT
  remote: https://github.com/duncan-bayne/rest-client.git
  revision: af5ceb0c18115deb468d59343d65668f1ffa7f64
  branch: feature-keep-alive
  specs:
    rest-client (1.7.0.alpha)
      mime-types (>= 1.16)
      net-http-persistent
      netrc (~> 0.7.7)

GIT
  remote: https://github.com/rightscale/right_agent.git
  revision: fcadb84c0d22e159da172d3fb754cb1d14c24b05
  branch: master
  specs:
    right_agent (2.0.6)
      eventmachine (>= 0.12.10, < 2.0)
      faye-websocket (= 0.7.0)
      ffi
      json (~> 1.4)
      msgpack (>= 0.4.4, < 0.6)
      net-ssh (~> 2.0)
      rest-client (= 1.7.0.alpha)
      right_amqp (~> 0.7)
      right_support (>= 2.4.1, < 3.0)
    right_agent (2.0.5-x86-mingw32)
      eventmachine (>= 0.12.10, < 2.0)
      faye-websocket (= 0.7.0)
      ffi
      json (~> 1.4)
      msgpack (>= 0.4.4, < 0.6)
      net-ssh (~> 2.0)
      rest-client (= 1.7.0.alpha)
      right_amqp (~> 0.7)
      right_support (>= 2.4.1, < 3.0)
      win32-dir (>= 0.3.5)
      win32-process (>= 0.6.1)

GIT
  remote: https://github.com/rightscale/right_scraper.git
  revision: 0b1eaab2e017885a1503c13bac930aa1930d42e5
  branch: master
  specs:
    right_scraper (4.0.5)
      json (~> 1.4)
      right_aws (>= 2.0)
      right_git
      right_popen (~> 2.0)
      right_support (~> 2.6)

PATH
  remote: .
  specs:
    right_link (6.0.0)
      chef (>= 0.10.10)
      encryptor (~> 1.1)
      extlib (~> 0.9.15)
      right_agent (~> 2.0)
      right_git
      right_http_connection (~> 1.3)
      right_popen (~> 2.0)
      right_scraper (~> 4.0)
      right_support (~> 2.0)
      trollop

GEM
  remote: http://s3.amazonaws.com/rightscale_rightlink_gems_dev/
  remote: https://rubygems.org/
  specs:
    chef (11.6.0.3)
      erubis
      highline
      highline (>= 1.6.9)
      json (>= 1.4.4, <= 1.7.7)
      mixlib-authentication (>= 1.3.0)
      mixlib-cli (~> 1.3.0)
      mixlib-config (>= 1.1.2)
      mixlib-log (>= 1.3.0)
      mixlib-shellout
      moneta
      net-ssh (~> 2.6)
      net-ssh-multi (~> 1.1.0)
      ohai (>= 0.6.0)
      rest-client (>= 1.0.4, < 1.7.0)
      right_popen (~> 2.0)
      uuidtools
      yajl-ruby (~> 1.1)
    chef (11.6.0.3-x86-mingw32)
      erubis
      ffi (= 1.0.9)
      highline
      highline (>= 1.6.9)
      json (>= 1.4.4, <= 1.7.7)
      mixlib-authentication (>= 1.3.0)
      mixlib-cli (~> 1.3.0)
      mixlib-config (>= 1.1.2)
      mixlib-log (>= 1.3.0)
      mixlib-shellout
      moneta
      net-ssh (~> 2.6)
      net-ssh-multi (~> 1.1.0)
      ohai (>= 0.6.0)
      rdp-ruby-wmi (= 0.3.1)
      rest-client (>= 1.0.4, < 1.7.0)
      right_popen (~> 2.0)
      systemu (= 2.2.0)
      uuidtools
      win32-api (= 1.4.8)
      win32-dir (= 0.3.7)
      win32-event (= 0.5.2)
      win32-mutex (= 0.3.1)
      win32-process (= 0.6.5)
      win32-service (= 0.7.2)
      windows-api (= 0.4.0)
      windows-pr (= 1.2.1)
      yajl-ruby (~> 1.1)
    columnize (0.3.6)
    debugger (1.6.2)
      columnize (>= 0.3.1)
      debugger-linecache (~> 1.2.0)
      debugger-ruby_core_source (~> 1.2.3)
    debugger-linecache (1.2.0)
    debugger-ruby_core_source (1.2.3)
    encryptor (1.3.0)
    erubis (2.7.0)
    eventmachine (1.0.0.5)
    eventmachine (1.0.0.5-x86-mingw32)
    extlib (0.9.16)
    faye-websocket (0.7.0)
      eventmachine (>= 0.12.0)
      websocket-driver (>= 0.3.0)
    ffi (1.0.9)
    ffi (1.0.9-x86-mingw32)
    flexmock (0.9.0)
    highline (1.6.20)
    ip (0.3.0)
    ipaddress (0.8.0)
    json (1.7.7)
    linecache (0.46)
      rbx-require-relative (> 0.0.4)
    mime-types (1.25.1)
    mixlib-authentication (1.3.0)
      mixlib-log
    mixlib-cli (1.3.0)
    mixlib-config (2.0.0)
    mixlib-log (1.6.0)
    mixlib-shellout (1.2.0.2)
      right_popen (~> 2.0)
    moneta (0.7.20)
    msgpack (0.5.8)
    msgpack (0.5.8-x86-mingw32)
    net-http-persistent (2.9.4)
    net-ssh (2.8.0)
    net-ssh-gateway (1.2.0)
      net-ssh (>= 2.6.5)
    net-ssh-multi (1.1)
      net-ssh (>= 2.1.4)
      net-ssh-gateway (>= 0.99.0)
    netrc (0.7.7)
    ohai (6.18.0.2)
      eventmachine (>= 1.0.0)
      ipaddress
      mixlib-cli
      mixlib-config
      mixlib-log
      right_popen (~> 2.0)
      systemu
      yajl-ruby
    rake (10.1.1)
    rb-readline (0.5.0)
    rbx-require-relative (0.0.9)
    rcov (0.8.1.2.0)
    rdp-ruby-wmi (0.3.1)
    right_amqp (0.7.0)
      eventmachine (>= 0.12.10, < 2.0)
      right_support (>= 1.2, < 3.0)
    right_aws (3.1.0)
      right_http_connection (>= 1.2.5)
    right_git (0.0.3)
    right_http_connection (1.4.0)
    right_popen (2.0.2)
    right_popen (2.0.2-x86-mingw32)
    right_support (2.8.13)
    rspec (1.3.2)
    ruby-debug (0.10.4)
      columnize (>= 0.1)
      ruby-debug-base (~> 0.10.4.0)
    ruby-debug-base (0.10.4)
      linecache (>= 0.3)
    rubyforge (1.0.4)
    systemu (2.2.0)
    test-unit (2.5.5)
    trollop (2.0)
    uuidtools (2.1.4)
    websocket-driver (0.3.2)
    win32-api (1.4.8-x86-mingw32)
    win32-dir (0.3.7)
      windows-pr (>= 1.0.9)
    win32-event (0.5.2)
      win32-ipc (>= 0.5.0)
    win32-ipc (0.6.1)
      ffi
    win32-mmap (0.4.1)
      ffi
    win32-mutex (0.3.1)
      test-unit (>= 2.0.3)
      win32-ipc (>= 0.5.0)
      win32-mmap (>= 0.2.2)
      win32-process (>= 0.6.1)
    win32-pipe (0.3.3)
      ffi
    win32-process (0.6.5)
      windows-pr (>= 1.1.2)
    win32-service (0.7.2-x86-mingw32)
      windows-pr (>= 1.0.8)
    windows-api (0.4.0)
      win32-api (>= 1.4.5)
    windows-pr (1.2.1)
      win32-api (>= 1.4.5)
      windows-api (>= 0.3.0)
    yajl-ruby (1.1.0)
    yajl-ruby (1.1.0-x86-mingw32)

PLATFORMS
  ruby
  x86-mingw32

DEPENDENCIES
  chef (= 11.6.0.3)
  debugger (~> 1.6.1)
  eventmachine (= 1.0.0.5)
  flexmock (~> 0.9)
  ip
  mime-types (< 2.0)
  mixlib-authentication (>= 1.3.0)
  mixlib-shellout (= 1.2.0.2)
  ohai (= 6.18.0.2)
  rake (~> 10.0)
  rb-readline (~> 0.5.0)
  rcov (~> 0.8.1)
  rest-client!
  right_agent (~> 2.0)!
  right_amqp (~> 0.7)
  right_git
  right_link!
  right_popen (~> 2.0)
  right_scraper (~> 4.0)!
  right_support (~> 2.7)
  rspec (~> 1.3)
  ruby-debug
  rubyforge (= 1.0.4)
  win32-dir
  win32-pipe
  win32-process
